GEM
  remote: https://rubygems.org/
  specs:
    coderay (1.1.3)
    gosu (1.4.3)
    method_source (1.0.0)
    pry (0.14.1)
      coderay (~> 1.1)
      method_source (~> 1.0)

PLATFORMS
  x86_64-darwin-20

DEPENDENCIES
  gosu (~> 1.4)
  pry (~> 0.14.1)

BUNDLED WITH
   2.3.14
